GEM
  remote: http://rubygems.org/
  specs:
    bullshit (0.1.3)
      dslkit (~> 0.2)
      more_math (~> 0.0.2)
      tins (~> 0.3)
    dslkit (0.2.10)
      term-ansicolor (~> 1.0)
      tins (~> 0.3)
    flott (1.0.1)
      bullshit (~> 0.1.3)
      rake (= 0.9.2.2)
      tins (~> 0.4.2)
    json (1.7.5)
    json (1.7.5-java)
    more_math (0.0.4)
      tins (~> 0.3)
    rake (0.9.2.2)
    rdoc (3.12)
      json (~> 1.4)
    sdoc (0.3.16)
      json (>= 1.1.3)
      rdoc (~> 3.10)
    term-ansicolor (1.0.7)
    tins (0.4.3)

PLATFORMS
  java
  ruby

DEPENDENCIES
  flott
  sdoc
