GEM
  remote: http://rubygems.org/
  specs:
    bullshit (0.1.3)
      dslkit (~> 0.2)
      more_math (~> 0.0.2)
      tins (~> 0.3)
    dslkit (0.2.10)
      term-ansicolor (~> 1.0)
      tins (~> 0.3)
    flott (1.0.1)
      bullshit (~> 0.1.3)
      rake (= 0.9.2.2)
      tins (~> 0.4.2)
    json (1.7.5)
    json (1.7.5-java)
    more_math (0.0.4)
      tins (~> 0.3)
    multi_json (1.3.6)
    pry-editline (1.1.1)
    rake (0.9.2.2)
    rdoc (3.12)
      json (~> 1.4)
    sdoc (0.3.16)
      json (>= 1.1.3)
      rdoc (~> 3.10)
    simplecov (0.6.4)
      multi_json (~> 1.0)
      simplecov-html (~> 0.5.3)
    simplecov-html (0.5.3)
    term-ansicolor (1.0.7)
    test-unit (2.5.2)
    tins (0.4.3)
    utils (0.0.48)
      dslkit (~> 0.2.10)
      pry-editline
      term-ansicolor (~> 1.0)
      tins

PLATFORMS
  java
  ruby

DEPENDENCIES
  flott
  sdoc
  simplecov
  test-unit (~> 2.5)
  utils
